GEM
  remote: https://rubygems.org/
  specs:
    backport (1.2.0)
    debase (0.2.5.beta2)
      debase-ruby_core_source (>= 0.10.12)
    debase-ruby_core_source (0.10.12)
    rake (13.0.6)
    readapt (1.4.1)
      backport (~> 1.2)
      thor (~> 1.0)
    ruby-debug-ide (0.7.2)
      rake (>= 0.8.1)
    thor (1.1.0)

PLATFORMS
  ruby

DEPENDENCIES
  debase (>= 0.2.5.beta2)
  readapt
  ruby-debug-ide

BUNDLED WITH
   1.17.2
